PATH
  remote: .
  specs:
    lagotto-rb (0.1.1.9000)
      faraday (~> 0.9.1)
      faraday_middleware (~> 0.10.0)
      launchy (~> 2.4, >= 2.4.2)
      multi_json (~> 1.0)
      thor (~> 0.18)

GEM
  remote: https://rubygems.org/
  specs:
    addressable (2.3.8)
    api_cache (0.3.0)
    bibtex-ruby (3.1.6)
      latex-decode (~> 0.0)
    cites (0.1.1)
      api_cache (~> 0.2)
      bibtex-ruby (~> 3.0)
      httparty (~> 0.12)
      json (~> 1.8)
      launchy (~> 2.4.2)
      moneta (~> 0.7)
      thor (~> 0.18)
    faraday (0.9.1)
      multipart-post (>= 1.2, < 3)
    faraday_middleware (0.10.0)
      faraday (>= 0.7.4, < 0.10)
    httparty (0.13.7)
      json (~> 1.8)
      multi_xml (>= 0.5.2)
    json (1.8.3)
    latex-decode (0.2.2)
      unicode (~> 0.4)
    launchy (2.4.3)
      addressable (~> 2.3)
    moneta (0.8.0)
    multi_json (1.11.2)
    multi_xml (0.5.5)
    multipart-post (2.0.0)
    rake (0.9.6)
    thor (0.19.1)
    unicode (0.4.4.2)

PLATFORMS
  ruby

DEPENDENCIES
  bundler (~> 1.6)
  cites (~> 0.1.1)
  lagotto-rb!
  rake (~> 0)

BUNDLED WITH
   1.10.6
