PATH
  remote: .
  specs:
    lagotto-rb (0.1.0.9000)
      httparty (~> 0.12)
      json (~> 1.8)
      launchy (~> 2.4, >= 2.4.2)
      thor (~> 0.18)

GEM
  remote: https://rubygems.org/
  specs:
    addressable (2.3.8)
    httparty (0.13.7)
      json (~> 1.8)
      multi_xml (>= 0.5.2)
    json (1.8.3)
    launchy (2.4.3)
      addressable (~> 2.3)
    multi_xml (0.5.5)
    rake (0.9.6)
    thor (0.19.1)

PLATFORMS
  ruby

DEPENDENCIES
  bundler (~> 1.6)
  lagotto-rb!
  rake (~> 0)

BUNDLED WITH
   1.10.6
